PATH
  remote: .
  specs:
    swarm_cluster_cli_ope (0.5.5)
      activesupport
      open4
      thor (~> 1.0)
      zeitwerk (~> 2.3)

GEM
  remote: https://rubygems.org/
  specs:
    activesupport (6.1.1)
      concurrent-ruby (~> 1.0, >= 1.0.2)
      i18n (>= 1.6, < 2)
      minitest (>= 5.1)
      tzinfo (~> 2.0)
      zeitwerk (~> 2.3)
    concurrent-ruby (1.1.8)
    i18n (1.8.7)
      concurrent-ruby (~> 1.0)
    minitest (5.14.3)
    open4 (1.3.4)
    rake (12.3.3)
    thor (1.1.0)
    tzinfo (2.0.4)
      concurrent-ruby (~> 1.0)
    zeitwerk (2.4.2)

PLATFORMS
  ruby

DEPENDENCIES
  rake (~> 12.0)
  swarm_cluster_cli_ope!

BUNDLED WITH
   1.17.3
