PATH
  remote: .
  specs:
    swarm_cluster_cli_ope (0.1.0)
      open4
      thor (~> 1.0)
      zeitwerk (~> 2.3)

GEM
  remote: https://rubygems.org/
  specs:
    open4 (1.3.4)
    rake (12.3.3)
    thor (1.0.1)
    zeitwerk (2.3.0)

PLATFORMS
  ruby

DEPENDENCIES
  rake (~> 12.0)
  swarm_cluster_cli_ope!

BUNDLED WITH
   1.17.3
